GIT
  remote: https://github.com/oasic/nbayes.git
  revision: 3dd46bd2c8a2258ccdb69ee9ceff7d2fb5d62ed5
  specs:
    nbayes (0.1.2)

PATH
  remote: .
  specs:
    unclekryon (0.4.7)
      nbayes (~> 0.1.2)
      nokogiri (~> 1.10)

GEM
  remote: https://rubygems.org/
  specs:
    irb (1.0.0)
    mini_portile2 (2.4.0)
    minitest (5.11.3)
    nokogiri (1.10.3)
      mini_portile2 (~> 2.4.0)
    rake (12.3.3)
    raketeer (0.2.2)
      rake

PLATFORMS
  ruby

DEPENDENCIES
  bundler (~> 1.17)
  irb (~> 1.0)
  minitest (~> 5.11)
  nbayes!
  rake (~> 12.3)
  raketeer (~> 0.2)
  unclekryon!

BUNDLED WITH
   1.17.3
