GIT
  remote: https://github.com/oasic/nbayes.git
  revision: 3dd46bd2c8a2258ccdb69ee9ceff7d2fb5d62ed5
  specs:
    nbayes (0.1.2)

PATH
  remote: .
  specs:
    unclekryon (0.4.4)
      nbayes (~> 0.1.2)
      nokogiri (~> 1.8.2)

GEM
  remote: https://rubygems.org/
  specs:
    mini_portile2 (2.3.0)
    nokogiri (1.8.2)
      mini_portile2 (~> 2.3.0)

PLATFORMS
  ruby

DEPENDENCIES
  bundler (>= 1.16)
  nbayes!
  unclekryon!

BUNDLED WITH
   1.16.1
