PATH
  remote: .
  specs:
    unclekryon (0.4.12.pre.alpha)
      nbayes (= 0.1.3)
      nokogiri (~> 1.16)

GEM
  remote: https://rubygems.org/
  specs:
    io-console (0.7.2)
    irb (1.14.0)
      rdoc (>= 4.0.0)
      reline (>= 0.4.2)
    mini_portile2 (2.8.7)
    minitest (5.25.0)
    nbayes (0.1.3)
    nokogiri (1.16.7)
      mini_portile2 (~> 2.8.2)
      racc (~> 1.4)
    psych (5.1.2)
      stringio
    racc (1.8.1)
    rake (13.2.1)
    raketeer (0.2.13)
      rake
    rdoc (6.7.0)
      psych (>= 4.0.0)
    reline (0.5.9)
      io-console (~> 0.5)
    stringio (3.1.1)

PLATFORMS
  ruby

DEPENDENCIES
  bundler (~> 2.5)
  irb (~> 1.14)
  minitest (~> 5.25)
  rake (~> 13.2)
  raketeer (~> 0.2)
  unclekryon!

BUNDLED WITH
   2.5.17
