PATH
  remote: .
  specs:
    unclekryon (0.4.12.pre.alpha)
      nbayes (= 0.1.3)
      nokogiri (~> 1.13)

GEM
  remote: https://rubygems.org/
  specs:
    io-console (0.5.11)
    irb (1.4.1)
      reline (>= 0.3.0)
    mini_portile2 (2.8.0)
    minitest (5.16.2)
    nbayes (0.1.3)
    nokogiri (1.13.8)
      mini_portile2 (~> 2.8.0)
      racc (~> 1.4)
    racc (1.6.0)
    rake (13.0.6)
    raketeer (0.2.13)
      rake
    reline (0.3.1)
      io-console (~> 0.5)

PLATFORMS
  ruby

DEPENDENCIES
  bundler (~> 2.3)
  irb (~> 1.4)
  minitest (~> 5.16)
  rake (~> 13.0)
  raketeer (~> 0.2)
  unclekryon!

BUNDLED WITH
   2.3.18
