PATH
  remote: .
  specs:
    unclekryon (0.4.12.pre.alpha)
      nbayes (= 0.1.3)
      nokogiri (~> 1)

GEM
  remote: https://rubygems.org/
  specs:
    date (3.4.1)
    erb (5.0.1)
    io-console (0.8.0)
    irb (1.15.2)
      pp (>= 0.6.0)
      rdoc (>= 4.0.0)
      reline (>= 0.4.2)
    mini_portile2 (2.8.9)
    minitest (5.25.5)
    nbayes (0.1.3)
    nokogiri (1.18.8)
      mini_portile2 (~> 2.8.2)
      racc (~> 1.4)
    pp (0.6.2)
      prettyprint
    prettyprint (0.2.0)
    psych (5.2.6)
      date
      stringio
    racc (1.8.1)
    rake (13.3.0)
    raketeer (0.2.13)
      rake
    rdoc (6.14.0)
      erb
      psych (>= 4.0.0)
    reline (0.6.1)
      io-console (~> 0.5)
    stringio (3.1.7)

PLATFORMS
  ruby

DEPENDENCIES
  bundler (~> 2.6)
  irb (~> 1.15)
  minitest (~> 5.25)
  rake (~> 13.3)
  raketeer (~> 0.2)
  unclekryon!

BUNDLED WITH
   2.6.9
