GIT
  remote: https://github.com/oasic/nbayes.git
  revision: 3dd46bd2c8a2258ccdb69ee9ceff7d2fb5d62ed5
  specs:
    nbayes (0.1.2)

PATH
  remote: .
  specs:
    unclekryon (0.3.3)
      iso-639 (>= 0.2.8)
      nbayes (>= 0.1.2)
      nokogiri (>= 1.8.1)

GEM
  remote: https://rubygems.org/
  specs:
    iso-639 (0.2.8)
    mini_portile2 (2.3.0)
    nokogiri (1.8.1)
      mini_portile2 (~> 2.3.0)

PLATFORMS
  ruby

DEPENDENCIES
  bundler (>= 1.15)
  nbayes!
  unclekryon!

BUNDLED WITH
   1.15.4
