PATH
  remote: .
  specs:
    unclekryon (0.4.11)
      nbayes (= 0.1.3)
      nokogiri (~> 1.12)

GEM
  remote: https://rubygems.org/
  specs:
    io-console (0.5.9)
    irb (1.3.7)
      reline (>= 0.2.7)
    mini_portile2 (2.6.1)
    minitest (5.14.4)
    nbayes (0.1.3)
    nokogiri (1.12.5)
      mini_portile2 (~> 2.6.1)
      racc (~> 1.4)
    racc (1.6.0)
    rake (13.0.6)
    raketeer (0.2.13)
      rake
    reline (0.2.7)
      io-console (~> 0.5)

PLATFORMS
  ruby

DEPENDENCIES
  bundler (~> 2.2)
  irb (~> 1.3)
  minitest (~> 5.14)
  rake (~> 13.0)
  raketeer (~> 0.2)
  unclekryon!

BUNDLED WITH
   2.2.29
