GIT
  remote: https://github.com/oasic/nbayes.git
  revision: 3dd46bd2c8a2258ccdb69ee9ceff7d2fb5d62ed5
  specs:
    nbayes (0.1.2)

PATH
  remote: .
  specs:
    unclekryon (0.4.9.pre.alpha)
      nbayes (~> 0.1.2)
      nokogiri (~> 1.10)

GEM
  remote: https://rubygems.org/
  specs:
    io-console (0.5.6)
    irb (1.2.3)
      reline (>= 0.0.1)
    mini_portile2 (2.4.0)
    minitest (5.14.0)
    nokogiri (1.10.9)
      mini_portile2 (~> 2.4.0)
    rake (13.0.1)
    raketeer (0.2.9)
      rake
    reline (0.1.4)
      io-console (~> 0.5)

PLATFORMS
  ruby

DEPENDENCIES
  bundler (~> 2.1)
  irb (~> 1.2)
  minitest (~> 5.14)
  nbayes!
  rake (~> 13.0)
  raketeer (~> 0.2)
  unclekryon!

BUNDLED WITH
   2.1.4
