GIT
  remote: https://github.com/oasic/nbayes.git
  revision: 3dd46bd2c8a2258ccdb69ee9ceff7d2fb5d62ed5
  specs:
    nbayes (0.1.2)

PATH
  remote: .
  specs:
    unclekryon (0.4.8)
      nbayes (~> 0.1.2)
      nokogiri (~> 1.10)

GEM
  remote: https://rubygems.org/
  specs:
    io-console (0.5.4)
    irb (1.2.1)
      reline (>= 0.0.1)
    mini_portile2 (2.4.0)
    minitest (5.14.0)
    nokogiri (1.10.8)
      mini_portile2 (~> 2.4.0)
    rake (12.3.3)
    raketeer (0.2.7)
      rake
    reline (0.1.2)
      io-console (~> 0.5)

PLATFORMS
  ruby

DEPENDENCIES
  bundler (~> 1.17)
  irb (~> 1.0)
  minitest (~> 5.11)
  nbayes!
  rake (~> 12.3)
  raketeer (~> 0.2)
  unclekryon!

BUNDLED WITH
   1.17.3
